GIT
  remote: git@github.com:playup/credential_store.git
  revision: b05b3084bbd7fef12bf8f8161528d6c6cdfc4657
  specs:
    credential_store (0.0.5)
      em-redis
      em-synchrony
      faraday
      faraday_middleware
      redis

PATH
  remote: ../../
  specs:
    mach (0.0.1)
      credential_store
      faraday
      multi_json
      rack
      redis

GEM
  remote: http://rubygems.org/
  specs:
    coderay (1.0.7)
    em-redis (0.3.0)
      eventmachine
    em-synchrony (1.0.2)
      eventmachine (>= 1.0.0.beta.1)
    eventmachine (1.0.0.rc.4)
    faraday (0.8.4)
      multipart-post (~> 1.1)
    faraday_middleware (0.8.8)
      faraday (>= 0.7.4, < 0.9)
    method_source (0.8)
    multi_json (1.3.6)
    multipart-post (1.1.5)
    pry (0.9.10)
      coderay (~> 1.0.5)
      method_source (~> 0.8)
      slop (~> 3.3.1)
    rack (1.4.1)
    rack-protection (1.2.0)
      rack
    redis (3.0.1)
    sinatra (1.3.3)
      rack (~> 1.3, >= 1.3.6)
      rack-protection (~> 1.2)
      tilt (~> 1.3, >= 1.3.3)
    slop (3.3.2)
    tilt (1.3.3)

PLATFORMS
  ruby

DEPENDENCIES
  credential_store!
  mach!
  multi_json
  pry
  sinatra
