GIT
  remote: git@github.com:playup/credential_store.git
  revision: 715e80adadc12bf5290dde096eaf3159a2d4a779
  specs:
    credential_store (0.0.5)
      em-redis
      em-synchrony
      faraday
      faraday_middleware
      redis

PATH
  remote: ../../
  specs:
    mach (0.0.1)
      faraday
      multi_json
      rack
      redis

GEM
  remote: http://rubygems.org/
  specs:
    em-redis (0.3.0)
      eventmachine
    em-synchrony (1.0.2)
      eventmachine (>= 1.0.0.beta.1)
    eventmachine (1.0.0.rc.4)
    faraday (0.8.4)
      multipart-post (~> 1.1)
    faraday_middleware (0.8.8)
      faraday (>= 0.7.4, < 0.9)
    multi_json (1.3.6)
    multipart-post (1.1.5)
    rack (1.4.1)
    rack-protection (1.1.4)
      rack
    rake (0.9.2.2)
    redis (3.0.1)
    sinatra (1.3.1)
      rack (~> 1.3, >= 1.3.4)
      rack-protection (~> 1.1, >= 1.1.2)
      tilt (~> 1.3, >= 1.3.3)
    tilt (1.3.3)

PLATFORMS
  ruby

DEPENDENCIES
  credential_store!
  mach!
  multi_json
  rack
  rake
  redis
  sinatra
